GIT
  remote: git://github.com/tjacobs2/gollum-site.git
  revision: ef452b606924989a19963b13058bf2dd364a7ac2
  specs:
    gollum-site (0.1.12)
      directory_watcher
      gollum-lib (>= 1.0.0)
      liquid (>= 2.2.2)
      mixlib-log (>= 1.1.0)

GIT
  remote: git://github.com/tjacobs2/omniauth-github-team-member.git
  revision: cbfa11a19e8471fe7b34cc8538cbdd653ec68731
  specs:
    omniauth-github-team-member (1.0.0)
      omniauth-github

GIT
  remote: git://github.com/tjacobs2/omnigollum.git
  revision: a3b4b851c05eef2ced9c03f2e8b99a79cc671ea4
  specs:
    omnigollum (0.1.0)
      gollum
      mustache
      omniauth

GEM
  remote: https://rubygems.org/
  specs:
    charlock_holmes (0.7.3)
    daemons (1.2.2)
    diff-lcs (1.2.5)
    directory_watcher (1.5.1)
    eventmachine (1.0.7)
    faraday (0.9.1)
      multipart-post (>= 1.2, < 3)
    github-markdown (0.6.8)
    github-markup (1.3.3)
    gitlab-grit (2.7.3)
      charlock_holmes (~> 0.6)
      diff-lcs (~> 1.1)
      mime-types (~> 1.15)
      posix-spawn (~> 0.3)
    gollum (4.0.0)
      gollum-lib (~> 4.0, >= 4.0.1)
      kramdown (~> 1.6.0)
      mustache (>= 0.99.5, < 1.0.0)
      sinatra (~> 1.4, >= 1.4.4)
      useragent (~> 0.10.0)
    gollum-grit_adapter (1.0.0)
      gitlab-grit (~> 2.7, >= 2.7.1)
    gollum-lib (4.0.3)
      github-markup (~> 1.3.3)
      gollum-grit_adapter (~> 1.0)
      nokogiri (~> 1.6.4)
      rouge (~> 1.7.4)
      sanitize (~> 2.1.0)
      stringex (~> 2.5.1)
    hashie (3.4.2)
    json (1.8.3)
    jwt (1.5.0)
    kramdown (1.6.0)
    liquid (3.0.3)
    mime-types (1.25.1)
    mixlib-log (1.6.0)
    multi_json (1.11.1)
    multi_xml (0.5.5)
    multipart-post (2.0.0)
    mustache (0.99.8)
    nokogiri (1.6.6.2)
    oauth2 (1.0.0)
      faraday (>= 0.8, < 0.10)
      jwt (~> 1.0)
      multi_json (~> 1.3)
      multi_xml (~> 0.5)
      rack (~> 1.2)
    omniauth (1.2.2)
      hashie (>= 1.2, < 4)
      rack (~> 1.0)
    omniauth-github (1.1.2)
      omniauth (~> 1.0)
      omniauth-oauth2 (~> 1.1)
    omniauth-oauth2 (1.3.0)
      oauth2 (~> 1.0)
      omniauth (~> 1.2)
    posix-spawn (0.3.11)
    rack (1.6.1)
    rack-protection (1.5.3)
      rack
    rouge (1.7.7)
    sanitize (2.1.0)
      nokogiri (>= 1.4.4)
    sinatra (1.4.6)
      rack (~> 1.4)
      rack-protection (~> 1.4)
      tilt (>= 1.3, < 3)
    stringex (2.5.2)
    thin (1.6.3)
      daemons (~> 1.0, >= 1.0.9)
      eventmachine (~> 1.0)
      rack (~> 1.0)
    tilt (2.0.1)
    useragent (0.10.0)

PLATFORMS
  ruby

DEPENDENCIES
  github-markdown
  gollum
  gollum-site!
  json
  mustache
  nokogiri
  omniauth-github-team-member!
  omnigollum!
  rack
  thin
